GIT
  remote: https://github.com/openaustralia/scraperwiki-ruby.git
  revision: fc50176812505e463077d5c673d504a6a234aa78
  branch: morph_defaults
  specs:
    scraperwiki (3.0.1)
      httpclient
      sqlite_magic

GEM
  remote: https://rubygems.org/
  specs:
    addressable (2.5.0)
      public_suffix (~> 2.0, >= 2.0.2)
    coderay (1.1.1)
    colorize (0.8.1)
    crack (0.4.3)
      safe_yaml (~> 1.0.0)
    excon (0.55.0)
    execjs (2.7.0)
    faraday (0.11.0)
      multipart-post (>= 1.2, < 3)
    faraday_middleware (0.11.0.1)
      faraday (>= 0.7.4, < 1.0)
    fuzzy_match (2.1.0)
    git (1.3.0)
    hashdiff (0.3.2)
    hashie (3.5.5)
    httpclient (2.8.3)
    method_source (0.8.2)
    mini_portile2 (2.1.0)
    multipart-post (2.0.0)
    nokogiri (1.7.0.1)
      mini_portile2 (~> 2.1.0)
    open-uri-cached (0.0.5)
    pry (0.10.4)
      coderay (~> 1.1.0)
      method_source (~> 0.8.1)
      slop (~> 3.4)
    public_suffix (2.0.5)
    safe_yaml (1.0.4)
    scraped_page_archive (0.5.0)
      git (~> 1.3.0)
      vcr-archive (~> 0.3.0)
    slop (3.6.0)
    sqlite3 (1.3.13)
    sqlite_magic (0.0.6)
      sqlite3
    vcr (3.0.3)
    vcr-archive (0.3.0)
      vcr (~> 3.0.2)
      webmock (~> 2.0.3)
    webmock (2.0.3)
      addressable (>= 2.3.6)
      crack (>= 0.3.2)
      hashdiff
    wikidata-client (0.0.10)
      excon (~> 0.40)
      faraday (~> 0.9)
      faraday_middleware (~> 0.9)
      hashie (~> 3.3)

PLATFORMS
  ruby

DEPENDENCIES
  colorize
  execjs
  fuzzy_match
  nokogiri
  open-uri-cached
  pry
  scraped_page_archive
  scraperwiki!
  wikidata-client (~> 0.0.7)

RUBY VERSION
   ruby 2.3.3p222

BUNDLED WITH
   1.13.6
